PATH
  remote: .
  specs:
    nats (0.7.0)
      daemons (~> 1.1, >= 1.2.2)
      eventmachine (~> 1.2, >= 1.2.0)
      json_pure (~> 1.8, >= 1.8.1)
      thin (~> 1.6, >= 1.6.3)

GEM
  remote: http://rubygems.org/
  specs:
    daemons (1.2.3)
    diff-lcs (1.2.5)
    eventmachine (1.2.0.1)
    json_pure (1.8.3)
    rack (1.6.4)
    rake (11.1.2)
    rspec (2.99.0)
      rspec-core (~> 2.99.0)
      rspec-expectations (~> 2.99.0)
      rspec-mocks (~> 2.99.0)
    rspec-core (2.99.2)
    rspec-expectations (2.99.2)
      diff-lcs (>= 1.1.3, < 2.0)
    rspec-mocks (2.99.4)
    thin (1.6.4)
      daemons (~> 1.0, >= 1.0.9)
      eventmachine (~> 1.0, >= 1.0.4)
      rack (~> 1.0)

PLATFORMS
  ruby

DEPENDENCIES
  daemons (>= 1.2.2)
  eventmachine (>= 1.2.0)
  json_pure (>= 1.8.1)
  nats!
  rake
  rspec (< 3.0.0)
  thin (>= 1.6.0)

BUNDLED WITH
   1.11.2
