PATH
  remote: .
  specs:
    nats (0.7.1)
      eventmachine (~> 1.2, >= 1.2.0)

GEM
  remote: http://rubygems.org/
  specs:
    daemons (1.2.4)
    diff-lcs (1.2.5)
    eventmachine (1.2.0.1-java)
    json_pure (2.0.2)
    rack (2.0.1)
    rake (11.2.2)
    rspec (3.5.0)
      rspec-core (~> 3.5.0)
      rspec-expectations (~> 3.5.0)
      rspec-mocks (~> 3.5.0)
    rspec-core (3.5.2)
      rspec-support (~> 3.5.0)
    rspec-expectations (3.5.0)
      diff-lcs (>= 1.2.0, < 2.0)
      rspec-support (~> 3.5.0)
    rspec-mocks (3.5.0)
      diff-lcs (>= 1.2.0, < 2.0)
      rspec-support (~> 3.5.0)
    rspec-support (3.5.0)
    thin (1.7.0)
      daemons (~> 1.0, >= 1.0.9)
      eventmachine (~> 1.0, >= 1.0.4)
      rack (>= 1, < 3)

PLATFORMS
  java

DEPENDENCIES
  daemons (>= 1.2.2)
  json_pure (>= 1.8.1)
  nats!
  rake
  rspec (>= 3.5.0)
  thin (>= 1.6.0)

BUNDLED WITH
   1.12.5
