PATH
  remote: .
  specs:
    nats (0.10.0)
      eventmachine (~> 1.2, >= 1.2)

GEM
  remote: http://rubygems.org/
  specs:
    daemons (1.2.6)
    diff-lcs (1.3)
    eventmachine (1.2.7)
    json_pure (2.1.0)
    rack (2.0.6)
    rake (12.3.1)
    rspec (3.8.0)
      rspec-core (~> 3.8.0)
      rspec-expectations (~> 3.8.0)
      rspec-mocks (~> 3.8.0)
    rspec-core (3.8.0)
      rspec-support (~> 3.8.0)
    rspec-expectations (3.8.2)
      diff-lcs (>= 1.2.0, < 2.0)
      rspec-support (~> 3.8.0)
    rspec-mocks (3.8.0)
      diff-lcs (>= 1.2.0, < 2.0)
      rspec-support (~> 3.8.0)
    rspec-support (3.8.0)
    thin (1.7.2)
      daemons (~> 1.0, >= 1.0.9)
      eventmachine (~> 1.0, >= 1.0.4)
      rack (>= 1, < 3)

PLATFORMS
  ruby

DEPENDENCIES
  daemons
  json_pure
  nats!
  rake
  rspec
  thin

BUNDLED WITH
   1.17.1
